PATH
  remote: ../conceptql
  specs:
    conceptql (0.2.0)
      csv2xlsx (~> 0)
      facets (~> 3.0)
      ruby-graphviz (~> 1.2)
      sequelizer (~> 0.0)
      thor (~> 0.19)

PATH
  remote: ../dbtap
  specs:
    dbtap (0.0.2)
      sequelizer (~> 0.0, >= 0.0.3)
      thor (~> 0.19)

PATH
  remote: ../sequel
  specs:
    sequel (4.28.0)

PATH
  remote: ../sequel-impala
  specs:
    sequel-impala (1.0.0)
      sequel
      thrift (~> 0.9.1)

PATH
  remote: ../sequelizer
  specs:
    sequelizer (0.0.6)
      dotenv (~> 0.11)
      hashie (~> 3.2)
      sequel (~> 4.12)
      thor (~> 0.19)

GEM
  remote: https://rubygems.org/
  specs:
    ansi (1.5.0)
    axlsx (2.0.1)
      htmlentities (~> 4.3.1)
      nokogiri (>= 1.4.1)
      rubyzip (~> 1.0.0)
    csv2xlsx (0.0.1)
      axlsx
    dotenv (0.11.1)
      dotenv-deployment (~> 0.0.2)
    dotenv-deployment (0.0.2)
    facets (3.0.0)
    hashie (3.4.3)
    htmlentities (4.3.4)
    json (1.8.3)
    json (1.8.3-java)
    loadmop (0.0.5)
      rake (~> 10.3)
      sequelizer (>= 0.0.5)
      thor (~> 0.19)
    mini_portile2 (2.0.0)
    nokogiri (1.6.7)
      mini_portile2 (~> 2.0.0.rc2)
    nokogiri (1.6.7-java)
    rake (10.4.2)
    ruby-graphviz (1.2.2)
    rubyzip (1.0.0)
    tapout (0.4.5)
      ansi
      json
    thor (0.19.1)
    thrift (0.9.3.0)

PLATFORMS
  java
  ruby

DEPENDENCIES
  conceptql!
  dbtap!
  loadmop
  rake
  sequel!
  sequel-impala!
  sequelizer!
  tapout
  thor

BUNDLED WITH
   1.10.6
