GEM
  remote: https://rubygems.org/
  specs:
    activesupport (4.1.4)
      i18n (~> 0.6, >= 0.6.9)
      json (~> 1.7, >= 1.7.7)
      minitest (~> 5.1)
      thread_safe (~> 0.1)
      tzinfo (~> 1.1)
    conceptql (0.0.1)
      activesupport (~> 4.1)
      pg (~> 0.17)
      sequelizer (~> 0.0)
      thor (~> 0.19)
    dotenv (0.11.1)
      dotenv-deployment (~> 0.0.2)
    dotenv-deployment (0.0.2)
    hashie (3.2.0)
    i18n (0.6.11)
    json (1.8.1)
    minitest (5.4.0)
    pg (0.17.1)
    rake (10.3.2)
    sequel (4.12.0)
    sequelizer (0.0.3)
      dotenv (~> 0.11)
      hashie (~> 3.2)
      sequel (~> 4.12)
      thor (~> 0.19)
    thor (0.19.1)
    thread_safe (0.3.4)
    tzinfo (1.2.1)
      thread_safe (~> 0.1)

PLATFORMS
  ruby

DEPENDENCIES
  conceptql
  pg
  rake
  sequelizer
  thor
