PATH
  remote: ../conceptql
  specs:
    conceptql (0.1.1)
      csv2xlsx
      facets (~> 3.0.0)
      pg (~> 0.17)
      ruby-graphviz (~> 1.2)
      sequelizer (~> 0.0)
      thor (~> 0.19)

PATH
  remote: ../dbtap
  specs:
    dbtap (0.0.2)
      sequelizer (~> 0.0, >= 0.0.3)
      thor (~> 0.19)

GEM
  remote: https://rubygems.org/
  specs:
    ansi (1.4.3)
    axlsx (2.0.1)
      htmlentities (~> 4.3.1)
      nokogiri (>= 1.4.1)
      rubyzip (~> 1.0.0)
    byebug (4.0.5)
      columnize (= 0.9.0)
    columnize (0.9.0)
    csv2xlsx (0.0.1)
      axlsx
    dotenv (0.11.1)
      dotenv-deployment (~> 0.0.2)
    dotenv-deployment (0.0.2)
    facets (3.0.0)
    hashie (3.2.0)
    htmlentities (4.3.3)
    json (1.8.1)
    loadmop (0.0.3)
      rake (~> 10.3)
      sequelizer (~> 0.0)
      thor (~> 0.19)
    mini_portile (0.6.2)
    nokogiri (1.6.6.2)
      mini_portile (~> 0.6.0)
    pg (0.17.1)
    rake (10.3.2)
    ruby-graphviz (1.2.1)
    rubyzip (1.0.0)
    sequel (4.13.0)
    sequelizer (0.0.4)
      dotenv (~> 0.11)
      hashie (~> 3.2)
      sequel (~> 4.12)
      thor (~> 0.19)
    tapout (0.4.5)
      ansi
      json
    thor (0.19.1)

PLATFORMS
  ruby

DEPENDENCIES
  byebug
  conceptql!
  dbtap!
  loadmop
  pg
  rake
  sequelizer
  tapout
  thor
